GEM
  remote: https://rubygems.org/
  specs:
    json (2.12.2)
    ostruct (0.6.1)
    pathname (0.4.0)
    ruby2d (0.12.1)

PLATFORMS
  arm64-darwin-22
  arm64-darwin-24

DEPENDENCIES
  json
  ostruct
  pathname
  ruby2d

RUBY VERSION
   ruby 3.2.0p0

BUNDLED WITH
   2.4.1
