GEM
  remote: https://rubygems.org/
  specs:
    json (2.10.1)
    ostruct (0.6.1)
    pathname (0.4.0)
    ruby2d (0.12.1)

PLATFORMS
  x64-mingw-ucrt

DEPENDENCIES
  json
  ostruct
  pathname
  ruby2d

RUBY VERSION
   ruby 3.4.2p28

BUNDLED WITH
   2.6.2
